PATH
  remote: .
  specs:
    rulers (0.0.1)
      minitest
      rack (~> 2.2)
      rack-test
      webrick

GEM
  remote: https://rubygems.org/
  specs:
    minitest (5.17.0)
    rack (2.2.6.2)
    rack-test (2.0.2)
      rack (>= 1.3)
    rake (13.0.6)
    webrick (1.8.1)

PLATFORMS
  arm64-darwin-21

DEPENDENCIES
  rake (~> 13.0)
  rulers!

BUNDLED WITH
   2.3.26
